GIT
  remote: https://github.com/Animeshz/puppet
  revision: 5e6faed3498aa94d10fc5df9003d5f0a8829d2e8
  ref: xbps
  specs:
    puppet (7.26.0)
      CFPropertyList (~> 2.2)
      concurrent-ruby (~> 1.0)
      deep_merge (~> 1.0)
      facter (>= 4.3.0, < 5)
      fast_gettext (>= 2.1, < 3)
      locale (~> 2.1)
      multi_json (~> 1.13)
      puppet-resource_api (~> 1.5)
      scanf (~> 1.0)
      semantic_puppet (~> 1.0)

GEM
  remote: https://rubygems.org/
  specs:
    CFPropertyList (2.3.6)
    concurrent-ruby (1.2.2)
    deep_merge (1.2.2)
    facter (4.4.0)
      hocon (~> 1.3)
      thor (>= 1.0.1, < 2.0)
    fast_gettext (2.3.0)
    hocon (1.4.0)
    locale (2.1.3)
    multi_json (1.15.0)
    puppet-resource_api (1.8.14)
      hocon (>= 1.0)
    scanf (1.0.0)
    semantic_puppet (1.1.0)
    thor (1.2.2)

PLATFORMS
  x86_64-linux

DEPENDENCIES
  puppet!

BUNDLED WITH
   2.4.13
